GEM
  remote: https://rubygems.org/
  specs:
    concurrent-ruby (1.0.2)
    daemons (1.2.3)
    eventmachine (1.2.0.1)
    haml (4.0.7)
      tilt
    hike (1.2.3)
    opal (0.9.2)
      hike (~> 1.2)
      sourcemap (~> 0.1.0)
      sprockets (~> 3.1)
      tilt (>= 1.4)
    opal-activesupport (0.3.0)
      opal (>= 0.5.0, < 1.0.0)
    opal-haml (0.4.1)
      haml
      opal (>= 0.5.0, < 1.0.0)
    opal-jquery (0.4.1)
      opal (>= 0.7.0, < 0.10.0)
    opal-rspec (0.5.0)
      opal (>= 0.8.0, < 0.10)
    opal-vienna (0.7.0)
      opal (>= 0.5.0, < 1.0.0)
      opal-activesupport
      opal-jquery
    rack (1.6.4)
    rake (11.2.2)
    sourcemap (0.1.1)
    sprockets (3.6.0)
      concurrent-ruby (~> 1.0)
      rack (> 1, < 3)
    thin (1.7.0)
      daemons (~> 1.0, >= 1.0.9)
      eventmachine (~> 1.0, >= 1.0.4)
      rack (>= 1, < 3)
    tilt (2.0.5)

PLATFORMS
  ruby

DEPENDENCIES
  opal-haml (~> 0.4)
  opal-jquery (~> 0.4)
  opal-rspec (~> 0.5)
  opal-vienna (~> 0.7)
  rake
  thin

BUNDLED WITH
   1.12.5
