GIT
  remote: git://github.com/opal/opal-haml.git
  revision: 385e0d9d47eb94d03a983dec5821b1b3b1bbdd8d
  specs:
    opal-haml (0.3.0)
      haml
      opal (>= 0.5.0, < 1.0.0)

GIT
  remote: git://github.com/opal/opal-jquery.git
  revision: 6d864fb0dfa0a5cd399f1a46bfa2e24fcb257768
  specs:
    opal-jquery (0.3.0)
      opal (~> 0.7.0)

GIT
  remote: git://github.com/opal/opal-rspec.git
  revision: ef2a7b0b969c06617ebbf3f17fc73d7af2363f94
  specs:
    opal-rspec (0.4.1)
      opal (~> 0.7.0)

GIT
  remote: git://github.com/opal/opal.git
  revision: 2093db494c168263eb65b0a0d7c889c2d80e07c4
  specs:
    opal (0.7.1)
      hike (~> 1.2)
      sourcemap (~> 0.1.0)
      sprockets (>= 2.2.3, < 4.0.0)
      tilt (~> 1.4)

GIT
  remote: git://github.com/opal/vienna.git
  revision: 723bfcdee95a2dd6f41fb6947872ee17f765934d
  specs:
    opal-vienna (0.7.0)
      opal (>= 0.5.0, < 1.0.0)
      opal-activesupport
      opal-jquery

GEM
  remote: https://rubygems.org/
  specs:
    daemons (1.2.1)
    eventmachine (1.0.7)
    haml (4.0.6)
      tilt
    hike (1.2.3)
    multi_json (1.11.0)
    opal-activesupport (0.1.0)
      opal (>= 0.5.0, < 1.0.0)
    rack (1.6.0)
    rake (10.4.2)
    sourcemap (0.1.1)
    sprockets (2.12.3)
      hike (~> 1.2)
      multi_json (~> 1.0)
      rack (~> 1.0)
      tilt (~> 1.1, != 1.3.0)
    thin (1.6.3)
      daemons (~> 1.0, >= 1.0.9)
      eventmachine (~> 1.0)
      rack (~> 1.0)
    tilt (1.4.1)

PLATFORMS
  ruby

DEPENDENCIES
  opal!
  opal-haml!
  opal-jquery!
  opal-rspec!
  opal-vienna!
  rake
  thin
